PATH
  remote: .
  specs:
    songkickr (0.3.3)

GEM
  remote: https://rubygems.org/
  specs:
    activesupport (3.2.12)
      i18n (~> 0.6)
      multi_json (~> 1.0)
    crack (0.3.1)
    fakeweb (1.3.0)
    httparty (0.8.3)
      multi_json (~> 1.0)
      multi_xml
    i18n (0.6.1)
    json (1.7.7)
    multi_json (1.6.0)
    multi_xml (0.5.2)
    rake (10.0.3)
    rdoc (3.12.1)
      json (~> 1.4)
    redgreen (1.2.2)
    shoulda (3.1.1)
      shoulda-context (~> 1.0)
      shoulda-matchers (~> 1.2)
    shoulda-context (1.0.0)
    shoulda-matchers (1.2.0)
      activesupport (>= 3.0.0)
    test-unit (2.5.1)
    vcr (2.2.4)

PLATFORMS
  ruby

DEPENDENCIES
  crack
  fakeweb (>= 1.3.0)
  httparty
  rake
  rdoc (>= 3.12.1)
  redgreen (>= 1.2.2)
  shoulda (>= 2.11.0)
  songkickr!
  test-unit
  vcr
