PATH
  remote: .
  specs:
    songkickr (0.4.0)
      httparty (~> 0.8.3)

GEM
  remote: https://rubygems.org/
  specs:
    activesupport (4.0.0)
      i18n (~> 0.6, >= 0.6.4)
      minitest (~> 4.2)
      multi_json (~> 1.3)
      thread_safe (~> 0.1)
      tzinfo (~> 0.3.37)
    atomic (1.1.10)
    coderay (1.0.8)
    crack (0.4.0)
      safe_yaml (~> 0.9.0)
    fakeweb (1.3.0)
    httparty (0.8.3)
      multi_json (~> 1.0)
      multi_xml
    i18n (0.6.4)
    method_source (0.8.1)
    minitest (4.7.5)
    multi_json (1.7.7)
    multi_xml (0.5.4)
    pry (0.9.12)
      coderay (~> 1.0.5)
      method_source (~> 0.8)
      slop (~> 3.4)
    rake (10.0.4)
    safe_yaml (0.9.3)
    shoulda (3.5.0)
      shoulda-context (~> 1.0, >= 1.0.1)
      shoulda-matchers (>= 1.4.1, < 3.0)
    shoulda-context (1.1.4)
    shoulda-matchers (2.2.0)
      activesupport (>= 3.0.0)
    slop (3.4.3)
    test-unit (2.5.5)
    thread_safe (0.1.0)
      atomic
    tzinfo (0.3.37)
    vcr (2.5.0)

PLATFORMS
  ruby

DEPENDENCIES
  crack
  fakeweb (>= 1.3.0)
  pry
  rake (~> 10.0.0)
  shoulda (>= 2.11.0)
  songkickr!
  test-unit (~> 2.5.5)
  vcr (~> 2.5.0)
