PATH
  remote: .
  specs:
    songkickr (0.2.2)
      songkickr

GEM
  remote: http://rubygems.org/
  specs:
    activesupport (3.2.8)
      i18n (~> 0.6)
      multi_json (~> 1.0)
    crack (0.3.1)
    fakeweb (1.3.0)
    i18n (0.6.0)
    multi_json (1.3.6)
    redgreen (1.2.2)
    shoulda (3.1.1)
      shoulda-context (~> 1.0)
      shoulda-matchers (~> 1.2)
    shoulda-context (1.0.0)
    shoulda-matchers (1.2.0)
      activesupport (>= 3.0.0)

PLATFORMS
  ruby

DEPENDENCIES
  crack
  fakeweb (>= 1.3.0)
  redgreen (>= 1.2.2)
  shoulda (>= 2.11.0)
  songkickr!
